GEM
  remote: https://rubygems.org/
  specs:
    json (1.8.0)
    nokogiri (1.5.6)

PLATFORMS
  ruby

DEPENDENCIES
  json (= 1.8.0)
  nokogiri (= 1.5.6)
